PATH
  remote: .
  specs:
    rein (0.2.0)
      activesupport (~> 3.0.0.rc)

GEM
  remote: http://rubygems.org/
  specs:
    activesupport (3.0.0.rc2)
    hirb (0.3.3)
    rake (0.8.7)
    rcov (0.9.8)
    rr (1.0.0)
    rspec (1.3.0)
    wirble (0.1.3)

PLATFORMS
  ruby

DEPENDENCIES
  activesupport (~> 3.0.0.rc)
  bundler (~> 1.0.0)
  hirb (~> 0.3.2)
  rake (~> 0.8.7)
  rcov (~> 0.9.8)
  rein!
  rr (~> 1.0.0)
  rspec (~> 1.3.0)
  wirble (~> 0.1.3)
