PATH
  remote: .
  specs:
    rein (0.5.1)
      activerecord

GEM
  remote: http://rubygems.org/
  specs:
    activemodel (3.0.0)
      activesupport (= 3.0.0)
      builder (~> 2.1.2)
      i18n (~> 0.4.1)
    activerecord (3.0.0)
      activemodel (= 3.0.0)
      activesupport (= 3.0.0)
      arel (~> 1.0.0)
      tzinfo (~> 0.3.23)
    activesupport (3.0.0)
    arel (1.0.1)
      activesupport (~> 3.0.0)
    builder (2.1.2)
    hirb (0.3.3)
    i18n (0.4.1)
    rake (0.8.7)
    rcov (0.9.8)
    rr (1.0.0)
    rspec (1.3.0)
    tzinfo (0.3.23)
    wirble (0.1.3)

PLATFORMS
  ruby

DEPENDENCIES
  activerecord
  bundler (~> 1.0.0)
  hirb (~> 0.3.2)
  rake (~> 0.8.7)
  rcov (~> 0.9.8)
  rein!
  rr (~> 1.0.0)
  rspec (~> 1.3.0)
  wirble (~> 0.1.3)
