PATH
  remote: .
  specs:
    rein (0.7.1)
      activerecord

GEM
  remote: http://rubygems.org/
  specs:
    activemodel (3.0.3)
      activesupport (= 3.0.3)
      builder (~> 2.1.2)
      i18n (~> 0.4)
    activerecord (3.0.3)
      activemodel (= 3.0.3)
      activesupport (= 3.0.3)
      arel (~> 2.0.2)
      tzinfo (~> 0.3.23)
    activesupport (3.0.3)
    arel (2.0.7)
    builder (2.1.2)
    diff-lcs (1.1.2)
    hirb (0.3.6)
    i18n (0.5.0)
    rake (0.8.7)
    rcov (0.9.9)
    rr (1.0.2)
    rspec (2.4.0)
      rspec-core (~> 2.4.0)
      rspec-expectations (~> 2.4.0)
      rspec-mocks (~> 2.4.0)
    rspec-core (2.4.0)
    rspec-expectations (2.4.0)
      diff-lcs (~> 1.1.2)
    rspec-mocks (2.4.0)
    tzinfo (0.3.24)
    wirble (0.1.3)

PLATFORMS
  ruby

DEPENDENCIES
  hirb (~> 0.3.2)
  rake (~> 0.8.7)
  rcov (~> 0.9.9)
  rein!
  rr (~> 1.0.0)
  rspec (~> 2.4.0)
  wirble (~> 0.1.3)
